GIT
  remote: https://github.com/HomeBusProjects/ruby-homebus
  revision: 0546f6673fcd47ccc39e91ff930bfe747825143a
  specs:
    homebus (0.10.11)

GEM
  remote: https://rubygems.org/
  specs:
    dotenv (2.7.6)
    faraday (0.14.0)
      multipart-post (>= 1.2, < 3)
    mqtt (0.5.0)
    multipart-post (2.1.1)
    octoprint_api (0.1.0)
      faraday (~> 0.14.0)

PLATFORMS
  ruby

DEPENDENCIES
  dotenv
  homebus!
  mqtt
  octoprint_api

BUNDLED WITH
   2.2.29
