GIT
  remote: https://github.com/HomeBusProjects/ruby-homebus
  revision: 400534a58fab1b9537002aa9620e9afc77df8f08
  branch: main
  specs:
    homebus (0.40.0)
      paho-mqtt (~> 1.0.12)

PATH
  remote: .
  specs:
    homebus-octoprint (0.2.1)

GEM
  remote: https://rubygems.org/
  specs:
    dotenv (2.8.1)
    faraday (0.14.0)
      multipart-post (>= 1.2, < 3)
    multipart-post (2.2.3)
    octoprint_api (0.1.0)
      faraday (~> 0.14.0)
    paho-mqtt (1.0.12)

PLATFORMS
  arm64-darwin-21

DEPENDENCIES
  dotenv
  homebus!
  homebus-octoprint!
  octoprint_api

BUNDLED WITH
   2.3.21
