GIT
  remote: https://github.com/HomeBusProjects/ruby-homebus
  revision: f0fff8e41734fee104259ee626e257a0cadd2eff
  branch: main
  specs:
    homebus (0.30.2)
      mqtt (~> 0.5.0)

PATH
  remote: .
  specs:
    homebus-octoprint (0.2.0)

GEM
  remote: https://rubygems.org/
  specs:
    dotenv (2.8.1)
    faraday (0.14.0)
      multipart-post (>= 1.2, < 3)
    mqtt (0.5.0)
    multipart-post (2.2.3)
    octoprint_api (0.1.0)
      faraday (~> 0.14.0)

PLATFORMS
  arm64-darwin-21

DEPENDENCIES
  dotenv
  homebus!
  homebus-octoprint!
  octoprint_api

BUNDLED WITH
   2.3.19
