GIT
  remote: git@github.com:HomeBusProjects/ruby-homebus-application.git
  revision: e6ce79e7392d4328556249f248b2779e5e78d087
  specs:
    homebus_app (0.0.16)
      dotenv
      mqtt

GIT
  remote: https://github.com/HomeBusProjects/ruby-homebus
  revision: 64d64f26adf2e82d4c8cb7219bdd534f2275f817
  specs:
    homebus (0.3.1)

GEM
  remote: https://rubygems.org/
  specs:
    dotenv (2.7.2)
    faraday (0.14.0)
      multipart-post (>= 1.2, < 3)
    mqtt (0.5.0)
    multipart-post (2.1.1)
    octoprint_api (0.1.0)
      faraday (~> 0.14.0)

PLATFORMS
  ruby

DEPENDENCIES
  homebus!
  homebus_app!
  mqtt
  octoprint_api

BUNDLED WITH
   2.0.1
